GEM
  remote: http://rubygems.org/
  specs:
    coderay (1.1.3)
    domain_name (0.5.20190701)
      unf (>= 0.0.5, < 1.0.0)
    http-accept (= 1.7.0)
    http-cookie (1.0.4)
      domain_name (~> 0.5)
    json (= 2.5.1)
    method_source (1.0.0)
    mime-types (3.3.1)
      mime-types-data (~> 3.2015)
    mime-types-data (3.2021.0704)
    netrc (0.11.0)
    puma (5.1.0)
    rest-client (2.1.0)
      http-accept (>= 1.7.0, < 2.0)
      http-cookie (>= 1.0.2, < 2.0)
      mime-types (>= 1.16, < 4.0)
      netrc (~> 0.8)
    unf (0.1.4)
      unf_ext
    unf_ext (0.0.7.7)
    yaml (0.1.1)

PLATFORMS
  ruby
  x86_64-darwin-20

DEPENDENCIES
  json
  rest-client
  yaml

RUBY VERSION
   ruby 2.7.3p183

BUNDLED WITH
   2.2.23
